PATH
  remote: .
  specs:
    ruby_native_statistics (1.0.2)
      rake-compiler (~> 1.2)

GEM
  remote: https://rubygems.org/
  specs:
    ansi (1.5.0)
    builder (3.2.4)
    docile (1.4.0)
    minitest (5.21.2)
    minitest-reporters (1.6.1)
      ansi
      builder
      minitest (>= 5.0)
      ruby-progressbar
    rake (13.1.0)
    rake-compiler (1.2.6)
      rake
    ruby-progressbar (1.13.0)
    simplecov (0.22.0)
      docile (~> 1.1)
      simplecov-html (~> 0.11)
      simplecov_json_formatter (~> 0.1)
    simplecov-html (0.12.3)
    simplecov-lcov (0.8.0)
    simplecov_json_formatter (0.1.4)

PLATFORMS
  arm64-darwin-23
  ruby

DEPENDENCIES
  minitest (~> 5.21)
  minitest-reporters (~> 1.6)
  ruby_native_statistics!
  simplecov (~> 0.21)
  simplecov-lcov (~> 0.8)

BUNDLED WITH
   2.5.5
