PATH
  remote: .
  specs:
    ruby_native_statistics (0.10.0)

GEM
  remote: https://rubygems.org/
  specs:
    docile (1.3.2)
    json (2.3.0)
    minitest (5.13.0)
    rake (12.3.3)
    rake-compiler (1.1.0)
      rake
    simplecov (0.17.1)
      docile (~> 1.1)
      json (>= 1.8, < 3)
      simplecov-html (~> 0.10.0)
    simplecov-html (0.10.2)
    simplecov-lcov (0.7.0)

PLATFORMS
  ruby

DEPENDENCIES
  minitest (~> 5.0)
  rake (~> 12.0)
  rake-compiler (~> 1.1)
  ruby_native_statistics!
  simplecov (~> 0.17)
  simplecov-lcov (~> 0.7)

BUNDLED WITH
   2.1.2
