PATH
  remote: .
  specs:
    ruby_native_statistics (1.1.1)
      rake-compiler (~> 1.2)

GEM
  remote: https://rubygems.org/
  specs:
    ansi (1.5.0)
    builder (3.3.0)
    docile (1.4.1)
    minitest (5.25.4)
    minitest-reporters (1.7.1)
      ansi
      builder
      minitest (>= 5.0)
      ruby-progressbar
    rake (13.2.1)
    rake-compiler (1.2.9)
      rake
    ruby-progressbar (1.13.0)
    simplecov (0.22.0)
      docile (~> 1.1)
      simplecov-html (~> 0.11)
      simplecov_json_formatter (~> 0.1)
    simplecov-html (0.13.1)
    simplecov-lcov (0.8.0)
    simplecov_json_formatter (0.1.4)

PLATFORMS
  arm64-darwin-23
  ruby

DEPENDENCIES
  minitest (~> 5.21)
  minitest-reporters (~> 1.6)
  ruby_native_statistics!
  simplecov (~> 0.21)
  simplecov-lcov (~> 0.8)

BUNDLED WITH
   2.6.3
