PATH
  remote: .
  specs:
    ruby_native_statistics (0.10.0)

GEM
  remote: https://rubygems.org/
  specs:
    ansi (1.5.0)
    builder (3.2.4)
    docile (1.3.2)
    json (2.3.0)
    minitest (5.14.0)
    minitest-reporters (1.4.2)
      ansi
      builder
      minitest (>= 5.0)
      ruby-progressbar
    rake (12.3.3)
    rake-compiler (1.1.0)
      rake
    ruby-progressbar (1.10.1)
    simplecov (0.17.1)
      docile (~> 1.1)
      json (>= 1.8, < 3)
      simplecov-html (~> 0.10.0)
    simplecov-html (0.10.2)
    simplecov-lcov (0.7.0)

PLATFORMS
  ruby

DEPENDENCIES
  minitest (~> 5.0)
  minitest-reporters (~> 1.4.2)
  rake (~> 12.0)
  rake-compiler (~> 1.1)
  ruby_native_statistics!
  simplecov (~> 0.17)
  simplecov-lcov (~> 0.7)

BUNDLED WITH
   2.1.2
