PATH
  remote: .
  specs:
    ruby_native_statistics (2.0.0)
      rb_sys (~> 0.9.91)

GEM
  remote: https://rubygems.org/
  specs:
    minitest (5.25.5)
    rake (13.3.0)
    rake-compiler (1.3.0)
      rake
    rake-compiler-dock (1.9.1)
    rb_sys (0.9.116)
      rake-compiler-dock (= 1.9.1)

PLATFORMS
  arm64-darwin-23
  ruby

DEPENDENCIES
  minitest (~> 5.21)
  rake (~> 13.0)
  rake-compiler (~> 1.3)
  ruby_native_statistics!

BUNDLED WITH
   2.6.3
